PATH
  remote: .
  specs:
    sequel-keyset_pagination (0.0.1)
      sequel (~> 5.12)

GEM
  remote: http://rubygems.org/
  specs:
    diff-lcs (1.3)
    rspec (3.8.0)
      rspec-core (~> 3.8.0)
      rspec-expectations (~> 3.8.0)
      rspec-mocks (~> 3.8.0)
    rspec-core (3.8.0)
      rspec-support (~> 3.8.0)
    rspec-expectations (3.8.2)
      diff-lcs (>= 1.2.0, < 2.0)
      rspec-support (~> 3.8.0)
    rspec-mocks (3.8.0)
      diff-lcs (>= 1.2.0, < 2.0)
      rspec-support (~> 3.8.0)
    rspec-support (3.8.0)
    sequel (5.14.0)
    sqlite3 (1.3.13)

PLATFORMS
  ruby

DEPENDENCIES
  rspec (~> 3.8)
  sequel-keyset_pagination!
  sqlite3

BUNDLED WITH
   1.16.6
